GIT
  remote: git://github.com/elabs/stompede.git
  revision: 838d33dbecbbe6b0ccce30f59097c34a17ac3323
  specs:
    stompede (0.0.1)
      celluloid
      celluloid-io
      reel
      stomp_parser

GEM
  remote: https://rubygems.org/
  specs:
    celluloid (0.15.2)
      timers (~> 1.1.0)
    celluloid-io (0.15.0)
      celluloid (>= 0.15.0)
      nio4r (>= 0.5.0)
    http (0.5.0)
      http_parser.rb
    http_parser.rb (0.6.0)
    nio4r (1.0.0)
    reel (0.4.0)
      celluloid (>= 0.15.1)
      celluloid-io (>= 0.15.0)
      http (>= 0.5.0)
      http_parser.rb (>= 0.6.0.beta.2)
      websocket_parser (>= 0.1.4)
    stomp_parser (1.0.0)
    timers (1.1.0)
    websocket_parser (0.1.6)

PLATFORMS
  ruby

DEPENDENCIES
  stompede!
